PATH
  remote: .
  specs:
    api-auth (1.0.1)

GEM
  remote: http://rubygems.org/
  specs:
    actionpack (2.3.15)
      activesupport (= 2.3.15)
      rack (~> 1.1.3)
    activeresource (2.3.15)
      activesupport (= 2.3.15)
    activesupport (2.3.15)
    amatch (0.2.11)
      tins (~> 0.3)
    curb (0.8.3)
    diff-lcs (1.1.3)
    httpi (2.0.0)
      rack
    mime-types (1.19)
    rack (1.1.5)
    rake (10.0.3)
    rest-client (1.6.7)
      mime-types (>= 1.16)
    rspec (2.4.0)
      rspec-core (~> 2.4.0)
      rspec-expectations (~> 2.4.0)
      rspec-mocks (~> 2.4.0)
    rspec-core (2.4.0)
    rspec-expectations (2.4.0)
      diff-lcs (~> 1.1.2)
    rspec-mocks (2.4.0)
    tins (0.6.0)

PLATFORMS
  ruby

DEPENDENCIES
  actionpack (~> 2.3.2)
  activeresource (~> 2.3.2)
  activesupport (~> 2.3.2)
  amatch
  api-auth!
  curb (~> 0.8.1)
  httpi
  rake
  rest-client (~> 1.6.0)
  rspec (~> 2.4.0)
